GEM
  remote: http://rubygems.org/
  specs:
    builder (3.0.0)
    excon (0.5.6)
    fog (0.6.0)
      builder
      excon (>= 0.5.5)
      formatador (>= 0.0.16)
      json
      mime-types
      net-ssh (>= 2.0.23)
      nokogiri (>= 1.4.4)
      ruby-hmac
    formatador (0.0.16)
    json (1.5.1)
    mime-types (1.16)
    net-scp (1.0.4)
      net-ssh (>= 1.99.1)
    net-ssh (2.1.3)
    net-ssh-gateway (1.0.1)
      net-ssh (>= 1.99.1)
    nokogiri (1.4.4)
    ruby-hmac (0.4.0)
    screwcap (0.6.2)
      net-scp (>= 1.0.4)
      net-ssh (>= 2.0.23)
      net-ssh-gateway (>= 1.0.1)

PLATFORMS
  ruby

DEPENDENCIES
  fog
  screwcap
